PATH
  remote: .
  specs:
    conduitrb (0.1.1)

GEM
  remote: http://rubygems.org/
  specs:
    coderay (1.1.1)
    method_source (0.8.2)
    pry (0.10.4)
      coderay (~> 1.1.0)
      method_source (~> 0.8.1)
      slop (~> 3.4)
    rake (10.5.0)
    slop (3.6.0)

PLATFORMS
  ruby

DEPENDENCIES
  bundler (~> 1.11)
  conduitrb!
  pry
  rake (~> 10.0)

BUNDLED WITH
   1.14.6
